GEM
  remote: https://rubygems.org/
  specs:
    minitest (5.15.0)
    minitest-ci (3.2.0)
      minitest (>= 5.0.6)
    multi_json (1.15.0)
    mustermann (1.1.1)
      ruby2_keywords (~> 0.0.1)
    rack (2.2.3)
    rack-protection (2.2.0)
      rack
    rack-test (0.6.3)
      rack (>= 1.0)
    rake (12.0.0)
    ruby2_keywords (0.0.5)
    sinatra (2.2.0)
      mustermann (~> 1.0)
      rack (~> 2.2)
      rack-protection (= 2.2.0)
      tilt (~> 2.0)
    sinatra-contrib (2.2.0)
      multi_json
      mustermann (~> 1.0)
      rack-protection (= 2.2.0)
      sinatra (= 2.2.0)
      tilt (~> 2.0)
    tilt (2.0.10)

PLATFORMS
  ruby

DEPENDENCIES
  minitest
  minitest-ci
  rack (>= 2.0.6)
  rack-test
  rake
  sinatra (>= 2.2.0)
  sinatra-contrib (>= 2.2.0)

BUNDLED WITH
   1.17.3
